GEM
  remote: https://rubygems.org/
  specs:
    activesupport (3.2.19)
      i18n (~> 0.6, >= 0.6.4)
      multi_json (~> 1.0)
    afmotion (2.4.1)
      motion-cocoapods (>= 1.4.1)
      motion-require (>= 0.1)
    claide (0.7.0)
    cocoapods (0.34.2)
      activesupport (>= 3.2.15, < 4)
      claide (~> 0.7.0)
      cocoapods-core (= 0.34.2)
      cocoapods-downloader (~> 0.7.2)
      cocoapods-plugins (~> 0.3.1)
      cocoapods-trunk (~> 0.3.0)
      cocoapods-try (~> 0.4.1)
      colored (~> 1.2)
      escape (~> 0.0.4)
      json_pure (~> 1.8)
      nap (~> 0.8)
      open4 (~> 1.3)
      xcodeproj (~> 0.19.2)
    cocoapods-core (0.34.2)
      activesupport (>= 3.2.15)
      fuzzy_match (~> 2.0.4)
      json_pure (~> 1.8)
      nap (~> 0.8.0)
    cocoapods-downloader (0.7.2)
    cocoapods-plugins (0.3.1)
      nap
    cocoapods-trunk (0.3.0)
      json_pure (~> 1.8)
      nap (>= 0.8)
      netrc
    cocoapods-try (0.4.1)
    colored (1.2)
    dbt (1.1.5)
    dotenv (1.0.1)
    escape (0.0.4)
    fuzzy_match (2.0.4)
    i18n (0.6.11)
    ib (0.6.0)
      thor (~> 0.15.4)
      tilt (~> 1.4.1)
      xcodeproj (~> 0.17)
    json_pure (1.8.1)
    motion-cocoapods (1.6.0)
      cocoapods (>= 0.34)
    motion-kit (0.14.0)
      dbt (~> 1.1.5)
    motion-require (0.2.0)
    motion-testflight (1.5.2)
    multi_json (1.10.1)
    nap (0.8.0)
    netrc (0.7.7)
    open4 (1.3.4)
    rake (10.3.2)
    thor (0.15.4)
    tilt (1.4.1)
    xcodeproj (0.19.3)
      activesupport (~> 3.0)
      colored (~> 1.2)

PLATFORMS
  ruby

DEPENDENCIES
  afmotion
  dotenv
  ib
  motion-cocoapods
  motion-kit
  motion-testflight
  rake
